PATH
  remote: .
  specs:
    zebra_zpl (0.0.1)

GEM
  remote: http://rubygems.org/
  specs:
    coderay (1.0.5)
    configatron (2.9.0)
      yamler (>= 0.1.0)
    cover_me (1.2.0)
      configatron
      hashie
    diff-lcs (1.1.3)
    hashie (1.2.0)
    method_source (0.7.1)
    pry (0.9.8.4)
      coderay (~> 1.0.5)
      method_source (~> 0.7.1)
      slop (>= 2.4.4, < 3)
    pry-nav (0.1.0)
      pry (~> 0.9.8.1)
    rspec (2.8.0)
      rspec-core (~> 2.8.0)
      rspec-expectations (~> 2.8.0)
      rspec-mocks (~> 2.8.0)
    rspec-core (2.8.0)
    rspec-expectations (2.8.0)
      diff-lcs (~> 1.1.2)
    rspec-mocks (2.8.0)
    slop (2.4.4)
    yamler (0.1.0)

PLATFORMS
  ruby

DEPENDENCIES
  cover_me
  pry
  pry-nav
  rspec
  zebra_zpl!
